GEM
  remote: https://rubygems.org/
  specs:
    addressable (2.4.0)
    colorize (0.7.7)
    descendants_tracker (0.0.4)
      thread_safe (~> 0.3, >= 0.3.1)
    faraday (0.9.2)
      multipart-post (>= 1.2, < 3)
    faraday_middleware (0.9.2)
      faraday (>= 0.7.4, < 0.10)
    git_reflow (0.7.1)
      colorize (>= 0.7.0)
      github_api (= 0.12.4)
      gli (= 2.13.2)
      highline
      httpclient
      json_pure
      reenhanced_bitbucket_api (= 0.3.2)
    github_api (0.12.4)
      addressable (~> 2.3)
      descendants_tracker (~> 0.0.4)
      faraday (~> 0.8, < 0.10)
      hashie (>= 3.4)
      multi_json (>= 1.7.5, < 2.0)
      nokogiri (~> 1.6.6)
      oauth2
    gli (2.13.2)
    hashie (3.4.3)
    highline (1.7.8)
    httpclient (2.7.0.1)
    json_pure (1.8.3)
    jwt (1.5.2)
    mini_portile2 (2.0.0)
    multi_json (1.11.2)
    multi_xml (0.5.5)
    multipart-post (2.0.0)
    nokogiri (1.6.7.1)
      mini_portile2 (~> 2.0.0.rc2)
    oauth2 (1.0.0)
      faraday (>= 0.8, < 0.10)
      jwt (~> 1.0)
      multi_json (~> 1.3)
      multi_xml (~> 0.5)
      rack (~> 1.2)
    rack (1.6.4)
    reenhanced_bitbucket_api (0.3.2)
      faraday (~> 0.9.0)
      faraday_middleware (~> 0.9.0)
      hashie (>= 3.2)
      multi_json (>= 1.7.5, < 2.0)
      nokogiri (>= 1.5.2)
      simple_oauth (>= 0.3.0)
    simple_oauth (0.3.1)
    thread_safe (0.3.5)

PLATFORMS
  ruby

DEPENDENCIES
  git_reflow (>= 0.7.1)

BUNDLED WITH
   1.11.2
